PATH
  remote: .
  specs:
    meli (1.0.3.2)

GEM
  remote: https://rubygems.org/
  specs:
    ast (2.2.0)
    json (1.8.3)
    parser (2.3.0.7)
      ast (~> 2.2)
    powerpack (0.1.1)
    rack (1.6.4)
    rack-protection (1.5.3)
      rack
    rainbow (2.1.0)
    rake (11.1.2)
    rubocop (0.39.0)
      parser (>= 2.3.0.7, < 3.0)
      powerpack (~> 0.1)
      rainbow (>= 1.99.1, < 3.0)
      ruby-progressbar (~> 1.7)
      unicode-display_width (~> 1.0, >= 1.0.1)
    ruby-progressbar (1.7.5)
    sinatra (1.4.7)
      rack (~> 1.5)
      rack-protection (~> 1.4)
      tilt (>= 1.3, < 3)
    tilt (2.0.2)
    unicode-display_width (1.0.3)

PLATFORMS
  ruby

DEPENDENCIES
  bundler (~> 1.8)
  json
  meli!
  rake
  rubocop
  sinatra

BUNDLED WITH
   1.11.2
